GEM
  remote: http://rubygems.org/
  specs:
    backports (2.7.1)
    coffee-script (2.2.0)
      coffee-script-source
      execjs
    coffee-script-source (1.4.0)
    daemons (1.1.9)
    dashing (1.0.2)
      coffee-script
      rack (>= 1.3.6, < 1.4.2)
      rufus-scheduler
      sass
      sinatra
      sinatra-contrib
      sprockets
      thin
      thor
    eventmachine (1.0.0)
    execjs (1.4.0)
      multi_json (~> 1.0)
    faraday (0.8.4)
      multipart-post (~> 1.1)
    hike (1.2.1)
    multi_json (1.5.0)
    multipart-post (1.1.5)
    nokogiri (1.5.6)
    rack (1.4.1)
    rack-protection (1.3.2)
      rack
    rack-test (0.6.2)
      rack (>= 1.0)
    rufus-scheduler (2.0.17)
      tzinfo (>= 0.3.23)
    sass (3.2.5)
    simple_oauth (0.2.0)
    sinatra (1.3.4)
      rack (~> 1.4)
      rack-protection (~> 1.3)
      tilt (~> 1.3, >= 1.3.3)
    sinatra-contrib (1.3.2)
      backports (>= 2.0)
      eventmachine
      rack-protection
      rack-test
      sinatra (~> 1.3.0)
      tilt (~> 1.3)
    sprockets (2.8.2)
      hike (~> 1.2)
      multi_json (~> 1.0)
      rack (~> 1.0)
      tilt (~> 1.1, != 1.3.0)
    thin (1.5.0)
      daemons (>= 1.0.9)
      eventmachine (>= 0.12.6)
      rack (>= 1.0.0)
    thor (0.17.0)
    tilt (1.3.3)
    twitter (4.5.0)
      faraday (~> 0.8, < 0.10)
      multi_json (~> 1.0)
      simple_oauth (~> 0.2)
    tzinfo (0.3.35)

PLATFORMS
  ruby

DEPENDENCIES
  dashing
  nokogiri
  twitter
